REDIRECTS: ON
FRAMEWORK: >= NET45
NUGET
  remote: https://www.nuget.org/api/v2
    Argu (3.2)
    AWSSDK.Core (3.3.14.1)
    AWSSDK.DynamoDBv2 (3.3.4.13)
      AWSSDK.Core (>= 3.3.14 < 3.4)
    AWSSDK.S3 (3.3.6.2)
      AWSSDK.Core (>= 3.3.14.1 < 3.4)
    AWSSDK.SQS (3.3.2.4)
      AWSSDK.Core (>= 3.3.14 < 3.4)
    FsCheck (2.8.2)
      FSharp.Core (>= 3.1.2.5)
    FSharp.AWS.DynamoDB (0.7.0-beta)
      AWSSDK.DynamoDBv2 (>= 3.3.1)
      Unquote (>= 3.1.2)
    FSharp.Core (4.0.0.1)
    FsPickler (3.3)
    FsPickler.Json (3.3)
      FsPickler (3.3)
      Newtonsoft.Json (>= 6.0.5)
    MathNet.Numerics (3.7.1)
    MathNet.Numerics.FSharp (3.7.1)
      FSharp.Core (>= 3.1.2.1)
      MathNet.Numerics (3.7.1)
    MathNet.Numerics.MKL.Win-x64 (1.8)
      MathNet.Numerics (>= 2.4)
    MBrace.Core (1.4)
    MBrace.Flow (1.4)
      FSharp.Core (>= 3.0)
      MBrace.Core (1.4)
      Streams (>= 0.4 < 0.5)
    MBrace.Runtime (1.4)
      FsPickler (>= 3.2 < 4.0)
      FsPickler.Json (>= 3.2 < 4.0)
      MBrace.Core (1.4)
      Vagabond (>= 0.14 < 0.15)
    MBrace.Tests (1.4)
      FsCheck (>= 2.0.1)
      MBrace.Core (1.4)
      MBrace.Flow (1.4)
      NUnit (>= 2.6 < 3.0)
      Unquote (>= 3.0 < 4.0)
    Microsoft.Owin (3.1.0) - version_in_path: true
      Owin (>= 1.0)
    Microsoft.Owin.Host.SystemWeb (3.1)
      Microsoft.Owin (>= 3.1)
      Owin (>= 1.0)
    Mono.Cecil (0.9.6.4)
    Newtonsoft.Json (10.0.2)
    NUnit (2.6.4)
    NUnit.Runners (2.6.4)
    Owin (1.0) - version_in_path: true
    Streams (0.4.1)
    Unquote (3.2)
    Vagabond (0.14)
      FsPickler (>= 3.0 < 4.0)
      Mono.Cecil (>= 0.9.6.3 < 0.9.7)

GROUP Build
REDIRECTS: ON
FRAMEWORK: >= NET45
NUGET
  remote: https://www.nuget.org/api/v2
    FAKE (4.61.3)
    NuGet.CommandLine (4.1)
    Octokit (0.24)
    SourceLink.Fake (1.1)
GITHUB
  remote: fsharp/FAKE
    modules/Octokit/Octokit.fsx (ad65548e62c35ad64ad1f9db6f5768330bc06594)
      Octokit (>= 0.20)