REDIRECTS: ON
FRAMEWORK: >= NET45
NUGET
  remote: https://www.nuget.org/api/v2
    Argu (3.2)
    AWSSDK.Core (3.3.3)
    AWSSDK.DynamoDBv2 (3.3.0.1)
      AWSSDK.Core (>= 3.3.1 < 3.4)
    AWSSDK.S3 (3.3.1)
      AWSSDK.Core (>= 3.3.2 < 3.4)
    AWSSDK.SQS (3.3.0.1)
      AWSSDK.Core (>= 3.3.1 < 3.4)
    FsCheck (2.6.2)
      FSharp.Core (>= 3.1.2.5)
    FSharp.AWS.DynamoDB (0.6.0-beta)
      AWSSDK.DynamoDBv2 (>= 3.1.5.3)
      Unquote (>= 3.1.2)
    FSharp.Compiler.Service (8.0)
      System.Collections.Immutable (>= 1.2)
      System.Reflection.Metadata (>= 1.4.1-beta-24227-04)
    FSharp.Core (4.0.0.1)
    FsPickler (2.1)
    FsPickler.Json (2.1)
      FsPickler (2.1)
      Newtonsoft.Json (>= 6.0.5)
    MathNet.Numerics (3.7.1)
    MathNet.Numerics.FSharp (3.7.1)
      FSharp.Core (>= 3.1.2.1)
      MathNet.Numerics (3.7.1)
    MathNet.Numerics.MKL.Win-x64 (1.8)
      MathNet.Numerics (>= 2.4)
    MBrace.Core (1.3.1)
    MBrace.Flow (1.3.1)
      FSharp.Core (>= 3.0)
      MBrace.Core (1.3.1)
      Streams (>= 0.4 < 0.5)
    MBrace.Runtime (1.3.1)
      FsPickler (>= 2.1 < 2.2)
      FsPickler.Json (>= 2.1 < 2.2)
      MBrace.Core (1.3.1)
      Vagabond (>= 0.13.1 < 0.14)
    MBrace.Tests (1.3.1)
      FsCheck (>= 2.0.1)
      MBrace.Core (1.3.1)
      MBrace.Flow (1.3.1)
      NUnit (>= 2.6 < 3.0)
      Unquote (>= 3.0 < 4.0)
    Microsoft.Owin (3.0.1) - version_in_path: true
      Owin (>= 1.0)
    Microsoft.Owin.Host.SystemWeb (3.0.1)
      Microsoft.Owin (>= 3.0.1)
      Owin (>= 1.0)
    Mono.Cecil (0.9.6.4)
    Newtonsoft.Json (9.0.1)
    NUnit (2.6.4)
    NUnit.Runners (2.6.4)
    Owin (1.0) - version_in_path: true
    Streams (0.4.1)
    System.Collections.Immutable (1.3.0-preview1-24530-04)
    System.Reflection.Metadata (1.4.1-preview1-24530-04)
      System.Collections.Immutable (>= 1.3.0-preview1-24530-04)
    Unquote (3.1.2)
    Vagabond (0.13.1)
      FsPickler (>= 2.1 < 2.2)
      Mono.Cecil (>= 0.9.6.3 < 0.9.7)

GROUP Build
NUGET
  remote: https://www.nuget.org/api/v2
    FAKE (4.41.8)
    Microsoft.Bcl (1.1.10) - framework: net10, net11, net20, net30, net35, net40, net40-full
      Microsoft.Bcl.Build (>= 1.0.14)
    Microsoft.Bcl.Build (1.0.21) - import_targets: false, framework: net10, net11, net20, net30, net35, net40, net40-full
    Microsoft.Net.Http (2.2.29) - framework: net10, net11, net20, net30, net35, net40, net40-full
      Microsoft.Bcl (>= 1.1.10)
      Microsoft.Bcl.Build (>= 1.0.14)
    NuGet.CommandLine (3.4.3)
    Octokit (0.23)
      Microsoft.Net.Http  - framework: net10, net11, net20, net30, net35, net40, net40-full
    SourceLink.Fake (1.1)
GITHUB
  remote: fsharp/FAKE
    modules/Octokit/Octokit.fsx (4e4428bfe931a5f720e32f9d69289d25eb16d467)
      Octokit (>= 0.20)